PATH
  remote: .
  specs:
    capacity (0.0.1)
      colorize

GEM
  remote: http://rubygems.org/
  specs:
    colorize (0.8.1)
    rake (11.2.2)

PLATFORMS
  ruby

DEPENDENCIES
  capacity!
  colorize
  rake

RUBY VERSION
   ruby 2.3.1p112

BUNDLED WITH
   1.12.5
