PATH
  remote: .
  specs:
    capacity (0.0.1)
      colorize

GEM
  remote: http://rubygems.org/
  specs:
    colorize (0.8.1)

PLATFORMS
  ruby

DEPENDENCIES
  capacity!
  colorize

BUNDLED WITH
   1.12.3
